GEM
  remote: https://rubygems.org/
  specs:
    dotenv (2.7.6)
    jwt (2.2.2)

PLATFORMS
  x86_64-darwin-19

DEPENDENCIES
  dotenv
  jwt

BUNDLED WITH
   2.2.11
